GEM
  remote: http://rubygems.org/
  specs:
    colorize (0.5.8)
    curb (0.8.3)
    haml (3.1.6)
    json (1.7.6)
    kramdown (0.14.1)
    newrelic_rpm (3.5.6.55)
    nokogiri (1.5.6)
    rack (1.4.1)
    rack-protection (1.2.0)
      rack
    sinatra (1.3.2)
      rack (~> 1.3, >= 1.3.6)
      rack-protection (~> 1.2)
      tilt (~> 1.3, >= 1.3.3)
    sqt (1.2.0)
      colorize (~> 0.5.8)
      curb
      nokogiri (~> 1.5.6)
    tilt (1.3.3)

PLATFORMS
  ruby
  x86-mingw32

DEPENDENCIES
  haml (= 3.1.6)
  json (= 1.7.6)
  kramdown (= 0.14.1)
  newrelic_rpm
  sinatra (= 1.3.2)
  sqt (= 1.2.0)
